PATH
  remote: ./upnp
  specs:
    upnp (0.0.1)
      em-http-request (>= 1.0.2)
      eventmachine (>= 1.0.0)
      log_switch (>= 0.1.4)
      nori (>= 1.0.2)
      savon (>= 1.0.0)

GEM
  remote: https://rubygems.org/
  specs:
    addressable (2.3.2)
    akami (1.2.0)
      gyoku (>= 0.4.0)
      nokogiri (>= 1.4.0)
    aruba (0.5.1)
      childprocess (~> 0.3.6)
      cucumber (>= 1.1.1)
      rspec-expectations (>= 2.7.0)
    builder (3.1.4)
    childprocess (0.3.6)
      ffi (~> 1.0, >= 1.0.6)
    color (1.4.1)
    cookiejar (0.3.0)
    cucumber (1.2.1)
      builder (>= 2.1.2)
      diff-lcs (>= 1.1.3)
      gherkin (~> 2.11.0)
      json (>= 1.4.6)
    curb (0.8.3)
    diff-lcs (1.1.3)
    em-http-request (1.0.3)
      addressable (>= 2.2.3)
      cookiejar
      em-socksify
      eventmachine (>= 1.0.0.beta.4)
      http_parser.rb (>= 0.5.3)
    em-socksify (0.2.1)
      eventmachine (>= 1.0.0.beta.4)
    eventmachine (1.0.0)
    ffi (1.2.0)
    gherkin (2.11.5)
      json (>= 1.4.6)
    gyoku (0.4.6)
      builder (>= 2.1.2)
    http_parser.rb (0.5.3)
    httpi (1.1.1)
      rack
    json (1.7.6)
    log_switch (0.4.0)
    nokogiri (1.5.5)
    nori (1.1.3)
    rack (1.4.1)
    rspec-expectations (2.12.1)
      diff-lcs (~> 1.1.3)
    savon (1.2.0)
      akami (~> 1.2.0)
      builder (>= 2.1.2)
      gyoku (~> 0.4.5)
      httpi (~> 1.1.0)
      nokogiri (>= 1.4.0)
      nori (~> 1.1.0)
      wasabi (~> 2.5.0)
    thor (0.16.0)
    wasabi (2.5.1)
      httpi (~> 1.0)
      nokogiri (>= 1.4.0)

PLATFORMS
  ruby

DEPENDENCIES
  aruba
  color
  cucumber
  curb
  nokogiri
  thor
  upnp!
